GEM
  remote: https://rubygems.org/
  specs:
    appium_lib (16.1.0)
      appium_lib_core (>= 9.2.1, < 12.0)
      nokogiri (~> 1.8, >= 1.8.1)
      tomlrb (>= 1.1, < 3.0)
    appium_lib_core (11.0.2)
      faye-websocket (~> 0.11.0)
      selenium-webdriver (~> 4.21)
    base64 (0.3.0)
    eventmachine (1.2.7)
    faye-websocket (0.11.4)
      eventmachine (>= 0.12.0)
      websocket-driver (>= 0.5.1, < 0.8.0)
    logger (1.7.0)
    mini_portile2 (2.8.9)
    nokogiri (1.18.8)
      mini_portile2 (~> 2.8.2)
      racc (~> 1.4)
    nokogiri (1.18.8-x86_64-linux-gnu)
      racc (~> 1.4)
    racc (1.8.1)
    rexml (3.4.1)
    rubyzip (2.4.1)
    selenium-webdriver (4.33.0)
      base64 (~> 0.2)
      logger (~> 1.4)
      rexml (~> 3.2, >= 3.2.5)
      rubyzip (>= 1.2.2, < 3.0)
      websocket (~> 1.0)
    tomlrb (2.0.3)
    websocket (1.2.11)
    websocket-driver (0.7.7)
      base64
      websocket-extensions (>= 0.1.0)
    websocket-extensions (0.1.5)

PLATFORMS
  ruby
  x86_64-linux

DEPENDENCIES
  appium_lib

BUNDLED WITH
   2.6.2
